{
    "TaskName": "temporalpattern",
    "SamplingFrequency": 512,
    "PowerLineFrequency": 60,
    "SoftwareFilters": "n/a",
    "HardwareFilters": {
        "HighPass": {
            "cutoff": 0.16
        },
        "LowPass": {
            "cutoff": 500
        }
    },
    "Manufacturer": "Natus",
    "ManufacturersModelName": "Natus Quantum PK1171",
    "TaskDescription": "Visual textures presented for variable durations and inter-stimulus intervals",
    "Instructions": "Detect color change (red/green) at fixation",
    "InstitutionName": "New York School of Medicine",
    "InstitutionAddress": "550 1st Avenue, New York, NY 10016, USA",
    "DeviceSerialNumber": "n/a",
    "ECOGChannelCount": 0,
    "SEEGChannelCount": 0,
    "EEGChannelCount": 0,
    "EOGChannelCount": 0,
    "ECGChannelCount": 0,
    "EMGChannelCount": 0,
    "MiscChannelCount": 0,
    "TriggerChannelCount": 0,
    "RecordingDuration": 58.5078,
    "RecordingType": "continuous",
    "SubjectArtefactDescription": "n/a",
    "SoftwareVersions": "Natus Neuroworks",
    "iEEGReference": "A common average reference (CAR) was computed separately for each group of good channels and regressed out of each channel.",
    "ElectrodeManufacturer": "AdTech",
    "ElectrodeManufacturersModelName": "Standard ad-tech grids (64 8x8 1cm spacing) and strips (1 cm spacing) 4mm contacts, 2.3 mm exposed",
    "iEEGGround": "Two contact subdural strips either flipped facing the skull or screwed into the skull",
    "iEEGPlacementScheme": "n/a",
    "iEEGElectrodeGroups": "n/a",
    "ElectricalStimulation": false
}